PATH
  remote: /Users/Gray/projects/mediainfo
  specs:
    mediainfo (0.7.1)

GEM
  remote: http://rubygems.org/
  specs:
    addressable (2.2.7)
    data_objects (0.10.8)
      addressable (~> 2.1)
    dm-aggregates (1.2.0)
      dm-core (~> 1.2.0)
    dm-core (1.2.0)
      addressable (~> 2.2.6)
    dm-do-adapter (1.2.0)
      data_objects (~> 0.10.6)
      dm-core (~> 1.2.0)
    dm-mysql-adapter (1.2.0)
      dm-do-adapter (~> 1.2.0)
      do_mysql (~> 0.10.6)
    do_mysql (0.10.8)
      data_objects (= 0.10.8)
    mime-types (1.18)
    nokogiri (1.5.2)
    progressbar (0.11.0)
    statistics2 (0.54)
    typhoeus (0.3.3)
      mime-types
    unicode_utils (1.3.0)

PLATFORMS
  ruby

DEPENDENCIES
  dm-aggregates
  dm-core
  dm-mysql-adapter
  mediainfo!
  nokogiri
  progressbar
  statistics2
  typhoeus
  unicode_utils
