PATH
  remote: /Users/Gray/projects/mediainfo
  specs:
    mediainfo (0.7.1)

GEM
  remote: http://rubygems.org/
  specs:
    activesupport (3.2.8)
      i18n (~> 0.6)
      multi_json (~> 1.0)
    addressable (2.2.7)
    coderay (1.0.6)
    data_objects (0.10.8)
      addressable (~> 2.1)
    dm-aggregates (1.2.0)
      dm-core (~> 1.2.0)
    dm-core (1.2.0)
      addressable (~> 2.2.6)
    dm-do-adapter (1.2.0)
      data_objects (~> 0.10.6)
      dm-core (~> 1.2.0)
    dm-mysql-adapter (1.2.0)
      dm-do-adapter (~> 1.2.0)
      do_mysql (~> 0.10.6)
    do_mysql (0.10.8)
      data_objects (= 0.10.8)
    i18n (0.6.1)
    method_source (0.7.1)
    mime-types (1.18)
    multi_json (1.3.6)
    nokogiri (1.5.2)
    progressbar (0.11.0)
    pry (0.9.9.3)
      coderay (~> 1.0.5)
      method_source (~> 0.7.1)
      slop (>= 2.4.4, < 3)
    pry-doc (0.4.1)
      pry (>= 0.9.0)
      yard (~> 0.7.4)
    slop (2.4.4)
    statistics2 (0.54)
    typhoeus (0.3.3)
      mime-types
    unicode_scanner (1.0.0)
    yard (0.7.5)

PLATFORMS
  ruby

DEPENDENCIES
  activesupport
  dm-aggregates
  dm-core
  dm-mysql-adapter
  mediainfo!
  nokogiri
  progressbar
  pry
  pry-doc
  statistics2
  typhoeus
  unicode_scanner
